PATH
  remote: .
  specs:
    apple_epf (1.2.2)
      chronic (~> 0.9.0)
      nokogiri (>= 1.5.6)

GEM
  remote: http://rubygems.org/
  specs:
    addressable (2.3.2)
    chronic (0.9.1)
    coderay (1.0.8)
    crack (0.3.1)
    diff-lcs (1.1.3)
    ffi (1.9.3-java)
    guard (1.5.4)
      listen (>= 0.4.2)
      lumberjack (>= 1.0.2)
      pry (>= 0.9.10)
      thor (>= 0.14.6)
    guard-rspec (1.0.1)
      guard (>= 1.1)
    listen (0.6.0)
    lumberjack (1.0.2)
    method_source (0.8.1)
    mini_portile (0.6.0)
    nokogiri (1.6.2.1)
      mini_portile (= 0.6.0)
    pry (0.9.10)
      coderay (~> 1.0.5)
      method_source (~> 0.8)
      slop (~> 3.3.1)
    pry (0.9.10-java)
      coderay (~> 1.0.5)
      method_source (~> 0.8)
      slop (~> 3.3.1)
      spoon (~> 0.0)
    rack (1.5.2)
    rake (10.3.2)
    rb-fsevent (0.9.1)
    rspec (2.12.0)
      rspec-core (~> 2.12.0)
      rspec-expectations (~> 2.12.0)
      rspec-mocks (~> 2.12.0)
    rspec-core (2.12.2)
    rspec-expectations (2.12.1)
      diff-lcs (~> 1.1.3)
    rspec-mocks (2.12.1)
    slop (3.3.3)
    spoon (0.0.4)
      ffi
    thor (0.16.0)
    timecop (0.5.4)
    webmock (1.9.0)
      addressable (>= 2.2.7)
      crack (>= 0.1.7)

PLATFORMS
  java
  ruby

DEPENDENCIES
  apple_epf!
  guard
  guard-rspec
  rack
  rake
  rb-fsevent (~> 0.9.1)
  rspec (~> 2.12)
  timecop
  webmock
